GEM
  specs:
    sqlite3 (1.3.10)
    thor (0.19.1)
    yajl-ruby (1.2.1)

PLATFORMS
  ruby

DEPENDENCIES
  sqlite3
  thor
  yajl-ruby

BUNDLED WITH
   1.10.3
